GEM
  remote: http://rubygems.org/
  specs:
    bysykkel (0.4.2)
      nokogiri (>= 1.4.1)
      typhoeus (>= 0.1.31)
    geoutm (0.0.4)
    json (1.4.6)
    memcached (1)
    nokogiri (1.4.3.1)
    rack (1.1.0)
    rack-contrib (1.0.1)
      rack (>= 0.9.1)
    rack-test (0.5.6)
      rack (>= 1.0)
    rspec (1.3.0)
    sinatra (1.0)
      rack (>= 1.0)
    trafikanten-travel (0.2.4)
      geoutm (>= 0.0.4)
      nokogiri (>= 1.4.1)
    typhoeus (0.1.31)
      rack

PLATFORMS
  ruby

DEPENDENCIES
  bysykkel (= 0.4.2)
  json
  memcached
  rack (= 1.1.0)
  rack-contrib (= 1.0.1)
  rack-test
  rspec (= 1.3.0)
  sinatra
  trafikanten-travel (= 0.2.4)
